GEM
  remote: https://rubygems.org/
  specs:
    daemons (1.2.4)
    eventmachine (1.2.0.1)
    foreman (0.81.0)
      thor (~> 0.19.1)
    rack (1.6.5)
    rack-protection (1.5.3)
      rack
    sinatra (1.4.7)
      rack (~> 1.5)
      rack-protection (~> 1.4)
      tilt (>= 1.3, < 3)
    thin (1.7.0)
      daemons (~> 1.0, >= 1.0.9)
      eventmachine (~> 1.0, >= 1.0.4)
      rack (>= 1, < 3)
    thor (0.19.1)
    tilt (2.0.5)

PLATFORMS
  ruby

DEPENDENCIES
  foreman
  sinatra
  thin

BUNDLED WITH
   1.13.0
